GEM
  remote: https://rubygems.org/
  specs:
    activerecord (2.3.18)
      activesupport (= 2.3.18)
    activesupport (2.3.18)

PLATFORMS
  ruby

DEPENDENCIES
  activerecord (~> 2.3.8)
