GEM
  remote: https://rubygems.org/
  specs:
    activerecord (2.3.18)
      activesupport (= 2.3.18)
    activesupport (2.3.18)
    mysql2 (0.4.1)

PLATFORMS
  ruby

DEPENDENCIES
  activerecord (~> 2.3.8)
  mysql2
